GEM
  remote: https://rubygems.org/
  remote: https://gems.gemfury.com/vo6ZrmjBQu5szyywDszE/
  specs:
    PriorityQueue (0.1.2)
    actionmailer (3.2.8)
      actionpack (= 3.2.8)
      mail (~> 2.4.4)
    actionpack (3.2.8)
      activemodel (= 3.2.8)
      activesupport (= 3.2.8)
      builder (~> 3.0.0)
      erubis (~> 2.7.0)
      journey (~> 1.0.4)
      rack (~> 1.4.0)
      rack-cache (~> 1.2)
      rack-test (~> 0.6.1)
      sprockets (~> 2.1.3)
    activemodel (3.2.8)
      activesupport (= 3.2.8)
      builder (~> 3.0.0)
    activerecord (3.2.8)
      activemodel (= 3.2.8)
      activesupport (= 3.2.8)
      arel (~> 3.0.2)
      tzinfo (~> 0.3.29)
    activeresource (3.2.8)
      activemodel (= 3.2.8)
      activesupport (= 3.2.8)
    activesupport (3.2.8)
      i18n (~> 0.6)
      multi_json (~> 1.0)
    addressable (2.3.2)
    arel (3.0.2)
    aws-ses (0.4.4)
      builder
      mail (> 2.2.5)
      mime-types
      xml-simple
    bson (1.8.0)
      activesupport
    bson_ext (1.8.0)
      bson (~> 1.8.0)
    builder (3.0.4)
    ci_reporter (1.7.0)
      builder (>= 2.1.2)
    crack (0.3.1)
    daemons (1.1.8)
    database_cleaner (0.7.2)
    differ (0.1.2)
    erubis (2.7.0)
    eventmachine (1.0.0)
    factory_girl (3.6.1)
      activesupport (>= 3.0.0)
    faraday (0.8.4)
      multipart-post (~> 1.1)
    gds-api-adapters (4.1.1)
      lrucache (~> 0.1.1)
      null_logger
      plek
    gds-sso (2.0.1)
      omniauth-gds (= 0.0.3)
      rack-accept (~> 0.4.4)
      rails (>= 3.0.0)
      warden (~> 1.2)
    govspeak (1.0.1)
      htmlentities (~> 4)
      kramdown (~> 0.13.3)
      sanitize (= 2.0.3)
    govuk_content_models (2.4.0)
      bson_ext
      differ
      gds-api-adapters
      gds-sso (>= 0.7, < 3.0)
      govspeak (>= 1.0.1, < 2.0.0)
      mongoid (~> 2.4.10)
      omniauth-oauth2 (~> 1.0)
      plek (>= 0.1.22, < 0.4)
      state_machine
    hashie (1.2.0)
    hike (1.2.1)
    htmlentities (4.3.1)
    httpauth (0.2.0)
    i18n (0.6.1)
    journey (1.0.4)
    json (1.7.5)
    jwt (0.1.5)
      multi_json (>= 1.0)
    kgio (2.7.4)
    kramdown (0.13.8)
    lrucache (0.1.4)
      PriorityQueue (~> 0.1.2)
    mail (2.4.4)
      i18n (>= 0.4.0)
      mime-types (~> 1.16)
      treetop (~> 1.4.8)
    metaclass (0.0.1)
    mime-types (1.19)
    minitest (3.4.0)
    mocha (0.12.4)
      metaclass (~> 0.0.1)
    mongo (1.3.1)
      bson (>= 1.3.1)
    mongoid (2.4.12)
      activemodel (~> 3.1)
      mongo (<= 1.6.2)
      tzinfo (~> 0.3.22)
    multi_json (1.3.7)
    multipart-post (1.1.5)
    nokogiri (1.5.5)
    null_logger (0.0.1)
    oauth2 (0.8.0)
      faraday (~> 0.8)
      httpauth (~> 0.1)
      jwt (~> 0.1.4)
      multi_json (~> 1.0)
      rack (~> 1.2)
    omniauth (1.1.1)
      hashie (~> 1.2)
      rack
    omniauth-gds (0.0.3)
      omniauth-oauth2 (~> 1.0)
    omniauth-oauth2 (1.1.1)
      oauth2 (~> 0.8.0)
      omniauth (~> 1.0)
    plek (0.3.0)
      builder
    polyglot (0.3.3)
    rabl (0.6.14)
      activesupport (>= 2.3.14)
      multi_json (~> 1.0)
    rack (1.4.1)
    rack-accept (0.4.5)
      rack (>= 0.4)
    rack-cache (1.2)
      rack (>= 0.4)
    rack-protection (1.2.0)
      rack
    rack-ssl (1.3.2)
      rack
    rack-test (0.6.2)
      rack (>= 1.0)
    rails (3.2.8)
      actionmailer (= 3.2.8)
      actionpack (= 3.2.8)
      activerecord (= 3.2.8)
      activeresource (= 3.2.8)
      activesupport (= 3.2.8)
      bundler (~> 1.0)
      railties (= 3.2.8)
    railties (3.2.8)
      actionpack (= 3.2.8)
      activesupport (= 3.2.8)
      rack-ssl (~> 1.3.2)
      rake (>= 0.8.7)
      rdoc (~> 3.4)
      thor (>= 0.14.6, < 2.0)
    raindrops (0.10.0)
    rake (0.9.2.2)
    rdoc (3.12)
      json (~> 1.4)
    router-client (3.1.0)
      activesupport
      builder
      null_logger
    sanitize (2.0.3)
      nokogiri (>= 1.4.4, < 1.6)
    shotgun (0.9)
      rack (>= 1.0)
    simplecov (0.6.4)
      multi_json (~> 1.0)
      simplecov-html (~> 0.5.3)
    simplecov-html (0.5.3)
    simplecov-rcov (0.2.3)
      simplecov (>= 0.4.1)
    sinatra (1.3.2)
      rack (~> 1.3, >= 1.3.6)
      rack-protection (~> 1.2)
      tilt (~> 1.3, >= 1.3.3)
    sprockets (2.1.3)
      hike (~> 1.2)
      rack (~> 1.0)
      tilt (~> 1.1, != 1.3.0)
    state_machine (1.1.2)
    statsd-ruby (1.0.0)
    thin (1.3.1)
      daemons (>= 1.0.9)
      eventmachine (>= 0.12.6)
      rack (>= 1.0.0)
    thor (0.16.0)
    tilt (1.3.3)
    treetop (1.4.12)
      polyglot
      polyglot (>= 0.3.1)
    tzinfo (0.3.35)
    unicorn (4.3.1)
      kgio (~> 2.6)
      rack
      raindrops (~> 0.7)
    warden (1.2.1)
      rack (>= 1.0)
    webmock (1.8.10)
      addressable (>= 2.2.7)
      crack (>= 0.1.7)
    xml-simple (1.1.1)
    yajl-ruby (1.1.0)

PLATFORMS
  ruby

DEPENDENCIES
  aws-ses
  ci_reporter (= 1.7.0)
  database_cleaner (= 0.7.2)
  factory_girl (= 3.6.1)
  gds-api-adapters (= 4.1.1)
  gds-sso (= 2.0.1)
  govspeak (= 1.0.1)
  govuk_content_models (= 2.4.0)
  minitest (= 3.4.0)
  mocha (= 0.12.4)
  omniauth-gds (= 0.0.3)
  plek (= 0.3.0)
  rabl (= 0.6.14)
  rake (= 0.9.2.2)
  router-client (= 3.1.0)
  shotgun
  simplecov (= 0.6.4)
  simplecov-rcov (= 0.2.3)
  sinatra (= 1.3.2)
  statsd-ruby (= 1.0.0)
  thin
  unicorn (~> 4.3.1)
  webmock (~> 1.8)
  yajl-ruby
