GEM
  remote: https://rubygems.org/
  remote: https://BnrJb6FZyzspBboNJzYZ@gem.fury.io/govuk/
  specs:
    PriorityQueue (0.1.2)
    actionmailer (3.2.11)
      actionpack (= 3.2.11)
      mail (~> 2.4.4)
    actionpack (3.2.11)
      activemodel (= 3.2.11)
      activesupport (= 3.2.11)
      builder (~> 3.0.0)
      erubis (~> 2.7.0)
      journey (~> 1.0.4)
      rack (~> 1.4.0)
      rack-cache (~> 1.2)
      rack-test (~> 0.6.1)
      sprockets (~> 2.2.1)
    activemodel (3.2.11)
      activesupport (= 3.2.11)
      builder (~> 3.0.0)
    activerecord (3.2.11)
      activemodel (= 3.2.11)
      activesupport (= 3.2.11)
      arel (~> 3.0.2)
      tzinfo (~> 0.3.29)
    activeresource (3.2.11)
      activemodel (= 3.2.11)
      activesupport (= 3.2.11)
    activesupport (3.2.11)
      i18n (~> 0.6)
      multi_json (~> 1.0)
    addressable (2.3.2)
    ansi (1.4.3)
    arel (3.0.2)
    aws-ses (0.4.4)
      builder
      mail (> 2.2.5)
      mime-types
      xml-simple
    bson (1.7.1)
    bson_ext (1.7.1)
      bson (~> 1.7.1)
    builder (3.0.4)
    ci_reporter (1.7.0)
      builder (>= 2.1.2)
    crack (0.3.1)
    dalli (2.6.4)
    database_cleaner (0.7.2)
    differ (0.1.2)
    erubis (2.7.0)
    factory_girl (3.6.1)
      activesupport (>= 3.0.0)
    faraday (0.8.4)
      multipart-post (~> 1.1)
    ffi (1.9.0)
    gds-api-adapters (7.18.0)
      link_header
      lrucache (~> 0.1.1)
      null_logger
      plek
      rest-client (~> 1.6.3)
    gds-sso (3.0.1)
      rack-accept (~> 0.4.4)
      rails (>= 3.0.0)
      warden (~> 1.2)
    govspeak (1.0.1)
      htmlentities (~> 4)
      kramdown (~> 0.13.3)
      sanitize (= 2.0.3)
    govuk_content_models (6.0.3)
      bson_ext
      differ
      gds-api-adapters
      gds-sso (>= 3.0.0, < 4.0.0)
      govspeak (>= 1.0.1, < 2.0.0)
      mongoid (~> 2.5)
      plek
      state_machine
    hashie (1.2.0)
    hike (1.2.1)
    htmlentities (4.3.1)
    httpauth (0.2.0)
    i18n (0.6.1)
    journey (1.0.4)
    json (1.7.6)
    jwt (0.1.5)
      multi_json (>= 1.0)
    kaminari (0.14.1)
      actionpack (>= 3.0.0)
      activesupport (>= 3.0.0)
    kgio (2.8.0)
    kramdown (0.13.8)
    link_header (0.0.5)
    listen (1.2.2)
      rb-fsevent (>= 0.9.3)
      rb-inotify (>= 0.9)
      rb-kqueue (>= 0.2)
    logstash-event (1.2.02)
    lrucache (0.1.4)
      PriorityQueue (~> 0.1.2)
    mail (2.4.4)
      i18n (>= 0.4.0)
      mime-types (~> 1.16)
      treetop (~> 1.4.8)
    metaclass (0.0.1)
    mime-types (1.25)
    minitest (3.4.0)
    mocha (0.12.4)
      metaclass (~> 0.0.1)
    mongo (1.7.1)
      bson (~> 1.7.1)
    mongoid (2.6.0)
      activemodel (~> 3.1)
      mongo (~> 1.7)
      tzinfo (~> 0.3.22)
    mr-sparkle (0.2.0)
      listen (~> 1.0)
      rb-fsevent (>= 0.9)
      rb-inotify (>= 0.8)
      unicorn (>= 4.5)
    multi_json (1.3.7)
    multipart-post (1.1.5)
    nokogiri (1.5.5)
    null_logger (0.0.1)
    oauth2 (0.8.0)
      faraday (~> 0.8)
      httpauth (~> 0.1)
      jwt (~> 0.1.4)
      multi_json (~> 1.0)
      rack (~> 1.2)
    omniauth (1.1.1)
      hashie (~> 1.2)
      rack
    omniauth-gds (0.0.3)
      omniauth-oauth2 (~> 1.0)
    omniauth-oauth2 (1.1.1)
      oauth2 (~> 0.8.0)
      omniauth (~> 1.0)
    plek (1.5.0)
    polyglot (0.3.3)
    rack (1.4.4)
    rack-accept (0.4.5)
      rack (>= 0.4)
    rack-cache (1.2)
      rack (>= 0.4)
    rack-logstasher (0.0.3)
      logstash-event
      rack
    rack-protection (1.2.0)
      rack
    rack-ssl (1.3.2)
      rack
    rack-test (0.6.2)
      rack (>= 1.0)
    rails (3.2.11)
      actionmailer (= 3.2.11)
      actionpack (= 3.2.11)
      activerecord (= 3.2.11)
      activeresource (= 3.2.11)
      activesupport (= 3.2.11)
      bundler (~> 1.0)
      railties (= 3.2.11)
    railties (3.2.11)
      actionpack (= 3.2.11)
      activesupport (= 3.2.11)
      rack-ssl (~> 1.3.2)
      rake (>= 0.8.7)
      rdoc (~> 3.4)
      thor (>= 0.14.6, < 2.0)
    raindrops (0.11.0)
    rake (0.9.2.2)
    rb-fsevent (0.9.3)
    rb-inotify (0.9.0)
      ffi (>= 0.5.0)
    rb-kqueue (0.2.0)
      ffi (>= 0.5.0)
    rdoc (3.12)
      json (~> 1.4)
    rest-client (1.6.7)
      mime-types (>= 1.16)
    router-client (3.1.0)
      activesupport
      builder
      null_logger
    sanitize (2.0.3)
      nokogiri (>= 1.4.4, < 1.6)
    simplecov (0.6.4)
      multi_json (~> 1.0)
      simplecov-html (~> 0.5.3)
    simplecov-html (0.5.3)
    simplecov-rcov (0.2.3)
      simplecov (>= 0.4.1)
    sinatra (1.3.2)
      rack (~> 1.3, >= 1.3.6)
      rack-protection (~> 1.2)
      tilt (~> 1.3, >= 1.3.3)
    sprockets (2.2.2)
      hike (~> 1.2)
      multi_json (~> 1.0)
      rack (~> 1.0)
      tilt (~> 1.1, != 1.3.0)
    state_machine (1.2.0)
    statsd-ruby (1.0.0)
    thor (0.16.0)
    tilt (1.3.3)
    timecop (0.5.9.2)
    treetop (1.4.12)
      polyglot
      polyglot (>= 0.3.1)
    turn (0.9.6)
      ansi
    tzinfo (0.3.35)
    unicorn (4.6.2)
      kgio (~> 2.6)
      rack
      raindrops (~> 0.7)
    warden (1.2.1)
      rack (>= 1.0)
    webmock (1.8.10)
      addressable (>= 2.2.7)
      crack (>= 0.1.7)
    xml-simple (1.1.1)
    yajl-ruby (1.1.0)

PLATFORMS
  ruby

DEPENDENCIES
  aws-ses
  ci_reporter (= 1.7.0)
  dalli (= 2.6.4)
  database_cleaner (= 0.7.2)
  factory_girl (= 3.6.1)
  gds-api-adapters (= 7.18.0)
  gds-sso (= 3.0.1)
  govspeak (= 1.0.1)
  govuk_content_models (= 6.0.3)
  kaminari (= 0.14.1)
  link_header (= 0.0.5)
  minitest (= 3.4.0)
  mocha (= 0.12.4)
  mongo (>= 1.7.1)
  mr-sparkle (= 0.2.0)
  omniauth-gds (= 0.0.3)
  plek (= 1.5.0)
  rack-cache (= 1.2)
  rack-logstasher (= 0.0.3)
  rake (= 0.9.2.2)
  router-client (= 3.1.0)
  simplecov (= 0.6.4)
  simplecov-rcov (= 0.2.3)
  sinatra (= 1.3.2)
  statsd-ruby (= 1.0.0)
  timecop (= 0.5.9.2)
  turn
  unicorn (= 4.6.2)
  webmock (~> 1.8)
  yajl-ruby
