GIT
  remote: git://github.com/alphagov/delsolr.git
  revision: d31ce040d79ec43119c1bd0d856bfbc35f9e32b3
  specs:
    delsolr (0.1.8)
      builder (>= 2.0.0)

GEM
  remote: http://rubygems.org/
  specs:
    PriorityQueue (0.1.2)
    actionmailer (3.1.3)
      actionpack (= 3.1.3)
      mail (~> 2.3.0)
    actionpack (3.1.3)
      activemodel (= 3.1.3)
      activesupport (= 3.1.3)
      builder (~> 3.0.0)
      erubis (~> 2.7.0)
      i18n (~> 0.6)
      rack (~> 1.3.5)
      rack-cache (~> 1.1)
      rack-mount (~> 0.8.2)
      rack-test (~> 0.6.1)
      sprockets (~> 2.0.3)
    activemodel (3.1.3)
      activesupport (= 3.1.3)
      builder (~> 3.0.0)
      i18n (~> 0.6)
    activerecord (3.1.3)
      activemodel (= 3.1.3)
      activesupport (= 3.1.3)
      arel (~> 2.2.1)
      tzinfo (~> 0.3.29)
    activeresource (3.1.3)
      activemodel (= 3.1.3)
      activesupport (= 3.1.3)
    activesupport (3.1.3)
      multi_json (~> 1.0)
    addressable (2.2.8)
    arel (2.2.3)
    bson (1.6.2)
    bson_ext (1.6.2)
      bson (~> 1.6.2)
    builder (3.0.0)
    differ (0.1.2)
    erubis (2.7.0)
    faraday (0.7.6)
      addressable (~> 2.2)
      multipart-post (~> 1.1)
      rack (~> 1.1)
    gds-api-adapters (0.0.47)
      lrucache (~> 0.1.1)
      null_logger
      plek
    gds-sso (0.5.4)
      oa-core (~> 0.3.2)
      oa-oauth (~> 0.3.2)
      oauth2 (= 0.5.2)
      rack (= 1.3.5)
      rack-accept (~> 0.4.4)
      rails (>= 3.0.0)
      warden (= 1.0.6)
    govspeak (0.8.13)
      htmlentities (~> 4)
      kramdown (~> 0.13.3)
    govuk_content_models (0.0.12)
      bson_ext
      differ
      gds-api-adapters
      gds-sso
      mongoid (~> 2.4.10)
      plek (~> 0.1.22)
      state_machine
    hike (1.2.1)
    htmlentities (4.3.1)
    i18n (0.6.0)
    json (1.7.3)
    kramdown (0.13.6)
    lrucache (0.1.3)
      PriorityQueue (~> 0.1.2)
    mail (2.3.3)
      i18n (>= 0.4.0)
      mime-types (~> 1.16)
      treetop (~> 1.4.8)
    metaclass (0.0.1)
    mime-types (1.18)
    mocha (0.11.3)
      metaclass (~> 0.0.1)
    mongo (1.6.2)
      bson (~> 1.6.2)
    mongoid (2.4.10)
      activemodel (~> 3.1)
      mongo (~> 1.3)
      tzinfo (~> 0.3.22)
    multi_json (1.0.4)
    multi_xml (0.4.4)
    multipart-post (1.1.5)
    null_logger (0.0.1)
    oa-core (0.3.2)
    oa-oauth (0.3.2)
      faraday (~> 0.7.3)
      multi_json (~> 1.0.0)
      multi_xml (~> 0.4.0)
      oa-core (= 0.3.2)
      oauth (~> 0.4.0)
      oauth2 (~> 0.5.0)
    oauth (0.4.6)
    oauth2 (0.5.2)
      faraday (~> 0.7)
      multi_json (~> 1.0)
    plek (0.1.22)
      builder
    polyglot (0.3.3)
    rabl (0.6.12)
      activesupport (>= 2.3.14)
      multi_json (~> 1.0)
    rack (1.3.5)
    rack-accept (0.4.4)
      rack (>= 0.4)
    rack-cache (1.2)
      rack (>= 0.4)
    rack-mount (0.8.3)
      rack (>= 1.0.0)
    rack-protection (1.2.0)
      rack
    rack-ssl (1.3.2)
      rack
    rack-test (0.6.1)
      rack (>= 1.0)
    rails (3.1.3)
      actionmailer (= 3.1.3)
      actionpack (= 3.1.3)
      activerecord (= 3.1.3)
      activeresource (= 3.1.3)
      activesupport (= 3.1.3)
      bundler (~> 1.0)
      railties (= 3.1.3)
    railties (3.1.3)
      actionpack (= 3.1.3)
      activesupport (= 3.1.3)
      rack-ssl (~> 1.3.2)
      rake (>= 0.8.7)
      rdoc (~> 3.4)
      thor (~> 0.14.6)
    rake (0.9.2.2)
    rdoc (3.12)
      json (~> 1.4)
    simplecov (0.5.4)
      multi_json (~> 1.0.3)
      simplecov-html (~> 0.5.3)
    simplecov-html (0.5.3)
    sinatra (1.3.1)
      rack (~> 1.3, >= 1.3.4)
      rack-protection (~> 1.1, >= 1.1.2)
      tilt (~> 1.3, >= 1.3.3)
    sprockets (2.0.4)
      hike (~> 1.2)
      rack (~> 1.0)
      tilt (~> 1.1, != 1.3.0)
    state_machine (1.1.2)
    thor (0.14.6)
    tilt (1.3.3)
    treetop (1.4.10)
      polyglot
      polyglot (>= 0.3.1)
    tzinfo (0.3.33)
    warden (1.0.6)
      rack (>= 1.0)

PLATFORMS
  ruby

DEPENDENCIES
  delsolr!
  govspeak
  govuk_content_models
  mocha
  rabl
  simplecov
  sinatra
